GEM
  specs:
    gosu (0.14.4)
    gosu_grid (0.0.1)
      gosu

PLATFORMS
  ruby

DEPENDENCIES
  gosu
  gosu_grid

BUNDLED WITH
   1.16.6
