GEM
  specs:
    gosu (0.12.1)
    gosu_grid (0.0.1)
      gosu

PLATFORMS
  ruby

DEPENDENCIES
  gosu
  gosu_grid

BUNDLED WITH
   1.15.0
